PATH
  remote: .
  specs:
    acts_as_commentable (6.1.0)
      activerecord (>= 6.1, < 7.1)

GEM
  remote: http://rubygems.org/
  specs:
    activemodel (7.0.4.1)
      activesupport (= 7.0.4.1)
    activerecord (7.0.4.1)
      activemodel (= 7.0.4.1)
      activesupport (= 7.0.4.1)
    activesupport (7.0.4.1)
      concurrent-ruby (~> 1.0, >= 1.0.2)
      i18n (>= 1.6, < 2)
      minitest (>= 5.1)
      tzinfo (~> 2.0)
    coderay (1.1.3)
    concurrent-ruby (1.1.10)
    i18n (1.12.0)
      concurrent-ruby (~> 1.0)
    method_source (1.0.0)
    mini_portile2 (2.8.1)
    minitest (5.17.0)
    power_assert (2.0.3)
    pry (0.14.2)
      coderay (~> 1.1)
      method_source (~> 1.0)
    rake (13.0.6)
    sqlite3 (1.6.1)
      mini_portile2 (~> 2.8.0)
    test-unit (3.5.7)
      power_assert
    tzinfo (2.0.5)
      concurrent-ruby (~> 1.0)

PLATFORMS
  ruby

DEPENDENCIES
  acts_as_commentable!
  pry
  rake
  sqlite3 (~> 1.6.1)
  test-unit

BUNDLED WITH
   2.2.17
